GEM
  specs:

PLATFORMS
  ruby

DEPENDENCIES

BUNDLED WITH
   2.2.0.rc.1
